GEM
  remote: http://rubygems.org/
  specs:
    commander (4.0.4)
      highline (>= 1.5.0)
    highline (1.6.2)
    levenshtein (0.2.0)
    logger (1.2.8)
    terminal-table (1.4.2)

PLATFORMS
  ruby

DEPENDENCIES
  commander
  levenshtein
  logger
  terminal-table
